GEM
  remote: http://ruby.taobao.org/
  specs:
    ZenTest (4.5.0)
    autotest-rails (4.2.1)
      ZenTest (~> 4.5)
    builder (3.2.2)
    capybara (1.1.4)
      mime-types (>= 1.16)
      nokogiri (>= 1.3.3)
      rack (>= 1.0.0)
      rack-test (>= 0.5.4)
      selenium-webdriver (~> 2.0)
      xpath (~> 0.1.4)
    childprocess (0.5.6)
      ffi (~> 1.0, >= 1.0.11)
    chronic (0.10.2)
    cucumber (1.1.0)
      builder (>= 2.1.2)
      diff-lcs (>= 1.1.2)
      gherkin (~> 2.5.0)
      json (>= 1.4.6)
      term-ansicolor (>= 1.0.6)
    cucumber-rails2 (0.3.5)
      capybara (~> 1.1.0)
      cucumber (~> 1.1.0)
    culerity (0.2.15)
    daemons (1.2.3)
    database_cleaner (1.4.1)
    diff-lcs (1.2.5)
    docile (1.1.5)
    eventmachine (1.0.7)
    faye-websocket (0.10.0)
      eventmachine (>= 0.12.0)
      websocket-driver (>= 0.5.1)
    ffi (1.9.10)
    gherkin (2.5.4)
      json (>= 1.4.6)
    holidays (1.0.8)
    http_parser.rb (0.5.3)
    icalendar (2.3.0)
    inifile (3.0.0)
    json (1.8.3)
    mime-types (2.6.1)
    mini_portile (0.6.2)
    multi_json (1.11.2)
    nokogiri (1.6.6.2)
      mini_portile (~> 0.6.0)
    open-uri-cached (0.0.5)
    pdf-core (0.6.0)
    poltergeist (0.6.0)
      capybara (~> 1.0)
      childprocess (~> 0.3)
      faye-websocket (~> 0.4, >= 0.4.4)
      http_parser.rb (~> 0.5.3)
      multi_json (~> 1.0)
    prawn (2.0.2)
      pdf-core (~> 0.6.0)
      ttfunk (~> 1.4.0)
    rack (1.6.4)
    rack-test (0.6.3)
      rack (>= 1.0)
    rspec (1.3.1)
    rspec-rails (1.3.3)
      rack (>= 1.0.0)
      rspec (= 1.3.1)
    ruby-prof (0.15.8)
    rubyzip (1.1.7)
    selenium-webdriver (2.46.2)
      childprocess (~> 0.5)
      multi_json (~> 1.0)
      rubyzip (~> 1.0)
      websocket (~> 1.0)
    simplecov (0.10.0)
      docile (~> 1.1.0)
      json (~> 1.8)
      simplecov-html (~> 0.10.0)
    simplecov-html (0.10.0)
    spork (0.9.2)
    term-ansicolor (1.3.2)
      tins (~> 1.0)
    thin (1.6.3)
      daemons (~> 1.0, >= 1.0.9)
      eventmachine (~> 1.0)
      rack (~> 1.0)
    timecop (0.3.5)
    tins (1.5.4)
    ttfunk (1.4.0)
    websocket (1.2.2)
    websocket-driver (0.6.1)
      websocket-extensions (>= 0.1.0)
    websocket-extensions (0.1.2)
    xpath (0.1.4)
      nokogiri (~> 1.3)

PLATFORMS
  ruby

DEPENDENCIES
  ZenTest (= 4.5.0)
  autotest-rails
  capybara (~> 1.1.0)
  chronic
  cucumber (= 1.1.0)
  cucumber-rails2 (~> 0.3.5)
  culerity (= 0.2.15)
  database_cleaner
  gherkin (~> 2.5.0)
  holidays (~> 1.0.3)
  icalendar
  inifile
  json
  nokogiri
  open-uri-cached
  poltergeist (~> 0.6.0)
  prawn
  rspec (= 1.3.1)
  rspec-rails (= 1.3.3)
  ruby-prof
  simplecov (~> 0.6)
  spork
  thin
  timecop (~> 0.3.5)

BUNDLED WITH
   1.10.5
